PATH
  remote: .
  specs:
    allure-ruby-api (0.6.1)
      mimemagic
      nokogiri (~> 1.6.0)
      rspec (~> 2.14.0)
      uuid

GEM
  remote: https://rubygems.org/
  specs:
    diff-lcs (1.2.5)
    macaddr (1.7.1)
      systemu (~> 2.6.2)
    mimemagic (0.2.1)
    mini_portile (0.6.0)
    nokogiri (1.6.3.1)
      mini_portile (= 0.6.0)
    rake (10.3.2)
    rspec (2.14.1)
      rspec-core (~> 2.14.0)
      rspec-expectations (~> 2.14.0)
      rspec-mocks (~> 2.14.0)
    rspec-core (2.14.8)
    rspec-expectations (2.14.5)
      diff-lcs (>= 1.1.3, < 2.0)
    rspec-mocks (2.14.6)
    systemu (2.6.4)
    uuid (2.3.7)
      macaddr (~> 1.0)

PLATFORMS
  ruby

DEPENDENCIES
  allure-ruby-api!
  bundler
  mimemagic
  nokogiri (~> 1.6.0)
  rake
  rspec (~> 2.14.0)
